PATH
  remote: .
  specs:
    gitignores (0.1.1)
      gli (= 2.13.3)

GEM
  remote: https://rubygems.org/
  specs:
    diff-lcs (1.4.4)
    gli (2.13.3)
    rake (13.0.3)
    rdoc (6.3.0)
    rspec (3.10.0)
      rspec-core (~> 3.10.0)
      rspec-expectations (~> 3.10.0)
      rspec-mocks (~> 3.10.0)
    rspec-core (3.10.1)
      rspec-support (~> 3.10.0)
    rspec-expectations (3.10.1)
      diff-lcs (>= 1.2.0, < 2.0)
      rspec-support (~> 3.10.0)
    rspec-mocks (3.10.2)
      diff-lcs (>= 1.2.0, < 2.0)
      rspec-support (~> 3.10.0)
    rspec-support (3.10.2)

PLATFORMS
  ruby

DEPENDENCIES
  gitignores!
  rake
  rdoc
  rspec

BUNDLED WITH
   2.1.4
