PATH
  remote: .
  specs:
    gitignores (0.0.3)
      methadone (~> 1.3.0)

GEM
  remote: https://rubygems.org/
  specs:
    diff-lcs (1.2.4)
    json (1.7.5)
    methadone (1.3.2)
      bundler
    rake (0.9.2.2)
    rdoc (3.12)
      json (~> 1.4)
    rspec (2.13.0)
      rspec-core (~> 2.13.0)
      rspec-expectations (~> 2.13.0)
      rspec-mocks (~> 2.13.0)
    rspec-core (2.13.1)
    rspec-expectations (2.13.0)
      diff-lcs (>= 1.1.3, < 2.0)
    rspec-mocks (2.13.1)

PLATFORMS
  ruby

DEPENDENCIES
  gitignores!
  rake (~> 0.9.2)
  rdoc
  rspec
