PATH
  remote: .
  specs:
    gitignores (0.1.0)
      gli (= 2.13.3)

GEM
  remote: https://rubygems.org/
  specs:
    diff-lcs (1.2.5)
    gli (2.13.3)
    json (1.8.3)
    rake (10.4.2)
    rdoc (4.2.0)
      json (~> 1.4)
    rspec (2.13.0)
      rspec-core (~> 2.13.0)
      rspec-expectations (~> 2.13.0)
      rspec-mocks (~> 2.13.0)
    rspec-core (2.13.1)
    rspec-expectations (2.13.0)
      diff-lcs (>= 1.1.3, < 2.0)
    rspec-mocks (2.13.1)

PLATFORMS
  ruby

DEPENDENCIES
  gitignores!
  rake
  rdoc
  rspec
